GEM
  remote: https://rubygems.org/
  specs:
    RubyInline (3.12.2)
      ZenTest (~> 4.3)
    ZenTest (4.9.5)
    diff-lcs (1.2.5)
    fuzzy-string-match (0.9.6)
      RubyInline (>= 3.8.6)
    kramdown (1.3.3)
    pdfkit (0.6.1)
    rspec (2.14.1)
      rspec-core (~> 2.14.0)
      rspec-expectations (~> 2.14.0)
      rspec-mocks (~> 2.14.0)
    rspec-core (2.14.8)
    rspec-expectations (2.14.5)
      diff-lcs (>= 1.1.3, < 2.0)
    rspec-mocks (2.14.6)

PLATFORMS
  ruby

DEPENDENCIES
  fuzzy-string-match
  kramdown
  pdfkit
  rspec
